RESTRICTION: || (== net452) (== net461)
NUGET
  remote: https://api.nuget.org/v3/index.json
    EventStore.Client (4.1)
    FsCheck (2.10.8)
      FSharp.Core (>= 4.0.0.1)
    FsCheck.xUnit (2.10.8)
      FsCheck (2.10.8)
      xunit.extensibility.execution (>= 2.2 < 3.0)
    FSharp.Control.AsyncSeq (2.0.21)
      FSharp.Core (>= 3.1.2)
    FSharp.Core (4.3.4) - redirects: force
    Newtonsoft.Json (11.0.1)
    Serilog (2.6)
    Serilog.Sinks.Observable (2.0.2)
      Serilog (>= 2.0)
    TypeShape (4.0)
      FSharp.Core (>= 3.1.2)
    Unquote (4.0)
    xunit.abstractions (2.0.1) - redirects: force
    xunit.core (2.3.1) - redirects: force
      xunit.extensibility.core (2.3.1)
      xunit.extensibility.execution (2.3.1)
    xunit.extensibility.core (2.3.1) - redirects: force
      xunit.abstractions (>= 2.0.1)
    xunit.extensibility.execution (2.3.1) - redirects: force
      xunit.extensibility.core (2.3.1)
    xunit.runner.visualstudio (2.3.1)

GROUP build
NUGET
  remote: https://api.nuget.org/v3/index.json
    FAKE (4.64.10)
